PATH
  remote: .
  specs:
    fstring (0.1.0)

GEM
  remote: https://rubygems.org/
  specs:
    benchmark-ips (2.7.2)
    minitest (5.11.3)
    rake (10.5.0)

PLATFORMS
  ruby

DEPENDENCIES
  benchmark-ips (~> 2.7)
  bundler (~> 2.0)
  fstring!
  minitest (~> 5.0)
  rake (~> 10.0)

BUNDLED WITH
   2.0.2
