PATH
  remote: .
  specs:
    symbol-fstring (1.0.0)

GEM
  remote: https://rubygems.org/
  specs:
    activesupport (6.1.3.1)
      concurrent-ruby (~> 1.0, >= 1.0.2)
      i18n (>= 1.6, < 2)
      minitest (>= 5.1)
      tzinfo (~> 2.0)
      zeitwerk (~> 2.3)
    benchmark-ips (2.8.4)
    concurrent-ruby (1.1.8)
    i18n (1.8.10)
      concurrent-ruby (~> 1.0)
    minitest (5.14.4)
    rake (13.0.3)
    rake-compiler (1.1.1)
      rake
    tzinfo (2.0.4)
      concurrent-ruby (~> 1.0)
    zeitwerk (2.4.2)

PLATFORMS
  ruby

DEPENDENCIES
  activesupport
  benchmark-ips (~> 2.7)
  bundler (~> 2.0)
  minitest (~> 5.0)
  rake (~> 13)
  rake-compiler
  symbol-fstring!

BUNDLED WITH
   2.2.16
